GEM
  remote: https://rubygems.org/
  specs:
    cryptopp (0.0.5)

PLATFORMS
  ruby

DEPENDENCIES
  cryptopp

BUNDLED WITH
   1.14.3
